PATH
  remote: .
  specs:
    kibali (0.3.1)

GEM
  remote: https://rubygems.org/
  specs:
    activesupport (4.0.2)
      i18n (~> 0.6, >= 0.6.4)
      minitest (~> 4.2)
      multi_json (~> 1.3)
      thread_safe (~> 0.1)
      tzinfo (~> 0.3.37)
    ansi (1.4.3)
    atomic (1.1.14)
    factory_girl (4.3.0)
      activesupport (>= 3.0.0)
    i18n (0.6.9)
    minitest (4.7.5)
    multi_json (1.8.2)
    rake (10.1.0)
    shoulda (3.5.0)
      shoulda-context (~> 1.0, >= 1.0.1)
      shoulda-matchers (>= 1.4.1, < 3.0)
    shoulda-context (1.1.6)
    shoulda-matchers (2.4.0)
      activesupport (>= 3.0.0)
    sqlite3 (1.3.8)
    thread_safe (0.1.3)
      atomic
    turn (0.9.6)
      ansi
    tzinfo (0.3.38)

PLATFORMS
  ruby

DEPENDENCIES
  bundler (~> 1.3)
  factory_girl
  kibali!
  rake
  shoulda
  sqlite3
  turn
